GIT
  remote: git://github.com/guard/guard-compass.git
  revision: bfc95d5b134bb06709d2951681ce453a9b3299e0
  specs:
    guard-compass (0.0.6)
      compass (>= 0.10.5)
      guard (>= 0.2.1)

GEM
  remote: http://rubygems.org/
  specs:
    chunky_png (1.2.7)
    coderay (1.0.9)
    compass (0.12.2)
      chunky_png (~> 1.2)
      fssm (>= 0.2.7)
      sass (~> 3.1)
    em-websocket (0.4.0)
      eventmachine (>= 0.12.9)
      http_parser.rb (~> 0.5.3)
    eventmachine (1.0.1)
    fssm (0.2.10)
    guard (1.6.2)
      listen (>= 0.6.0)
      lumberjack (>= 1.0.2)
      pry (>= 0.9.10)
      terminal-table (>= 1.4.3)
      thor (>= 0.14.6)
    guard-livereload (1.1.3)
      em-websocket (>= 0.2.0)
      guard (>= 1.5.0)
      multi_json (~> 1.0)
    http_parser.rb (0.5.3)
    listen (0.7.3)
    lumberjack (1.0.2)
    method_source (0.8.1)
    multi_json (1.6.1)
    powder (0.1.8)
      thor (>= 0.11.5)
    pry (0.9.12)
      coderay (~> 1.0.5)
      method_source (~> 0.8)
      slop (~> 3.4)
    rack (1.5.2)
    rack-livereload (0.3.11)
      rack
    rake (10.0.3)
    rb-fsevent (0.9.3)
    sass (3.2.6)
    sassy-buttons (0.1.4)
      compass (>= 0.12.2)
      sass (>= 3.2.0)
    slop (3.4.3)
    terminal-table (1.4.5)
    thor (0.17.0)
    vendorer (0.1.14)

PLATFORMS
  ruby

DEPENDENCIES
  compass (>= 0.12)
  guard-compass!
  guard-livereload
  powder
  rack-livereload
  rake
  rb-fsevent
  sass
  sassy-buttons
  vendorer
